GEM
  remote: https://rubygems.org/
  specs:
    daemons (1.2.4)
    json (1.8.3)

PLATFORMS
  ruby

DEPENDENCIES
  daemons
  json

BUNDLED WITH
   1.13.0
